GEM
  remote: https://rubygems.org/
  specs:
    sorbet (0.4.4271)
      sorbet-static (= 0.4.4271)
    sorbet-runtime (0.4.4271)
    sorbet-static (0.4.4271-universal-darwin-14)

PLATFORMS
  ruby

DEPENDENCIES
  sorbet
  sorbet-runtime

BUNDLED WITH
   2.1.0.pre.1
